GEM
  remote: https://rubygems.org/
  specs:
    addressable (2.3.5)
    daemons (1.1.9)
    eventmachine (1.0.3)
    rack (1.5.2)
    rack-canonical-host (0.0.8)
      addressable
      rack (~> 1.0)
    rack-contrib (1.1.0)
      rack (>= 0.9.1)
    rack-rewrite (1.5.0)
    shotgun (0.9)
      rack (>= 1.0)
    thin (1.6.2)
      daemons (>= 1.0.9)
      eventmachine (>= 1.0.0)
      rack (>= 1.0.0)

PLATFORMS
  ruby

DEPENDENCIES
  rack
  rack-canonical-host
  rack-contrib
  rack-rewrite
  shotgun
  thin
