GEM
  remote: https://rubygems.org/
  specs:
    daemons (1.1.8)
    eventmachine (0.12.10)
    rack (1.4.1)
    rack-canonical-host (0.0.3)
      rack (>= 1.0.0)
    rack-contrib (1.1.0)
      rack (>= 0.9.1)
    rack-rewrite (1.2.1)
    shotgun (0.9)
      rack (>= 1.0)
    thin (1.3.1)
      daemons (>= 1.0.9)
      eventmachine (>= 0.12.6)
      rack (>= 1.0.0)

PLATFORMS
  ruby

DEPENDENCIES
  rack
  rack-canonical-host
  rack-contrib
  rack-rewrite
  shotgun
  thin
